GEM
  remote: https://rubygems.org/
  specs:
    rugged (1.0.0)

PLATFORMS
  ruby

DEPENDENCIES
  rugged (~> 1.0)

BUNDLED WITH
   1.17.2
